GEM
  remote: https://rubygems.org/
  specs:
    actioncable (5.0.5)
      actionpack (= 5.0.5)
      nio4r (>= 1.2, < 3.0)
      websocket-driver (~> 0.6.1)
    actionmailer (5.0.5)
      actionpack (= 5.0.5)
      actionview (= 5.0.5)
      activejob (= 5.0.5)
      mail (~> 2.5, >= 2.5.4)
      rails-dom-testing (~> 2.0)
    actionpack (5.0.5)
      actionview (= 5.0.5)
      activesupport (= 5.0.5)
      rack (~> 2.0)
      rack-test (~> 0.6.3)
      rails-dom-testing (~> 2.0)
      rails-html-sanitizer (~> 1.0, >= 1.0.2)
    actionview (5.0.5)
      activesupport (= 5.0.5)
      builder (~> 3.1)
      erubis (~> 2.7.0)
      rails-dom-testing (~> 2.0)
      rails-html-sanitizer (~> 1.0, >= 1.0.3)
    activejob (5.0.5)
      activesupport (= 5.0.5)
      globalid (>= 0.3.6)
    activemodel (5.0.5)
      activesupport (= 5.0.5)
    activerecord (5.0.5)
      activemodel (= 5.0.5)
      activesupport (= 5.0.5)
      arel (~> 7.0)
    activesupport (5.0.5)
      concurrent-ruby (~> 1.0, >= 1.0.2)
      i18n (~> 0.7)
      minitest (~> 5.1)
      tzinfo (~> 1.1)
    addressable (2.5.1)
      public_suffix (~> 2.0, >= 2.0.2)
    annotate (2.7.2)
      activerecord (>= 3.2, < 6.0)
      rake (>= 10.4, < 13.0)
    arel (7.1.4)
    better_errors (2.2.0)
      coderay (>= 1.0.0)
      erubis (>= 2.6.6)
      rack (>= 0.9.0)
    bindex (0.5.0)
    binding_of_caller (0.7.2)
      debug_inspector (>= 0.0.1)
    builder (3.2.3)
    byebug (9.0.6)
    capybara (2.14.4)
      addressable
      mime-types (>= 1.16)
      nokogiri (>= 1.3.3)
      rack (>= 1.0.0)
      rack-test (>= 0.5.4)
      xpath (~> 2.0)
    coderay (1.1.1)
    coffee-rails (4.2.2)
      coffee-script (>= 2.2.0)
      railties (>= 4.0.0)
    coffee-script (2.4.1)
      coffee-script-source
      execjs
    coffee-script-source (1.12.2)
    colorator (1.1.0)
    concurrent-ruby (1.0.5)
    debug_inspector (0.0.3)
    declarative (0.0.9)
    declarative-option (0.1.0)
    digest-crc (0.4.1)
    erubis (2.7.0)
    execjs (2.7.0)
    faraday (0.12.2)
      multipart-post (>= 1.2, < 3)
    ffi (1.9.18)
    forwardable-extended (2.6.0)
    gcloud (0.23.0)
      google-cloud (~> 0.23)
    globalid (0.4.0)
      activesupport (>= 4.2.0)
    google-api-client (0.13.1)
      addressable (~> 2.5, >= 2.5.1)
      googleauth (~> 0.5)
      httpclient (>= 2.8.1, < 3.0)
      mime-types (~> 3.0)
      representable (~> 3.0)
      retriable (>= 2.0, < 4.0)
    google-cloud (0.37.0)
      google-cloud-bigquery (~> 0.27.0)
      google-cloud-datastore (~> 1.1)
      google-cloud-dns (~> 0.25.0)
      google-cloud-error_reporting (~> 0.26.0)
      google-cloud-language (~> 0.27.0)
      google-cloud-logging (~> 1.2)
      google-cloud-monitoring (~> 0.25.0)
      google-cloud-pubsub (~> 0.26.0)
      google-cloud-resource_manager (~> 0.26.0)
      google-cloud-spanner (~> 0.23.0)
      google-cloud-speech (~> 0.26.0)
      google-cloud-storage (~> 1.3)
      google-cloud-trace (~> 0.26.0)
      google-cloud-translate (~> 1.0)
      google-cloud-video_intelligence (~> 0.21.0)
      google-cloud-vision (~> 0.25.0)
    google-cloud-bigquery (0.27.1)
      google-api-client (~> 0.13.0)
      google-cloud-core (~> 1.0)
    google-cloud-core (1.0.0)
      google-cloud-env (~> 1.0)
      googleauth (~> 0.5.1)
    google-cloud-datastore (1.1.0)
      google-cloud-core (~> 1.0)
      google-gax (~> 0.8.0)
      google-protobuf (~> 3.2.0)
    google-cloud-dns (0.25.0)
      google-api-client (~> 0.13.0)
      google-cloud-core (~> 1.0)
      zonefile (~> 1.04)
    google-cloud-env (1.0.1)
      faraday (~> 0.11)
    google-cloud-error_reporting (0.26.1)
      google-cloud-core (~> 1.0)
      google-gax (~> 0.8.0)
      stackdriver-core (~> 1.2)
    google-cloud-language (0.27.0)
      google-cloud-core (~> 1.0)
      google-gax (~> 0.8.2)
    google-cloud-logging (1.2.1)
      google-cloud-core (~> 1.0)
      google-gax (~> 0.8.0)
      stackdriver-core (~> 1.2)
    google-cloud-monitoring (0.25.0)
      google-gax (~> 0.8.0)
    google-cloud-pubsub (0.26.0)
      google-cloud-core (~> 1.0)
      google-gax (~> 0.8.0)
      grpc-google-iam-v1 (~> 0.6.8)
    google-cloud-resource_manager (0.26.0)
      google-api-client (~> 0.13.0)
      google-cloud-core (~> 1.0)
    google-cloud-spanner (0.23.0)
      concurrent-ruby (~> 1.0)
      google-cloud-core (~> 1.0)
      google-gax (~> 0.8.1)
      grpc (~> 1.1)
      grpc-google-iam-v1 (~> 0.6.8)
    google-cloud-speech (0.26.0)
      google-cloud-core (~> 1.0)
      google-gax (~> 0.8.2)
    google-cloud-storage (1.3.0)
      digest-crc (~> 0.4)
      google-api-client (~> 0.13.0)
      google-cloud-core (~> 1.0)
    google-cloud-trace (0.26.1)
      google-cloud-core (~> 1.0)
      google-gax (~> 0.8.0)
      stackdriver-core (~> 1.2)
    google-cloud-translate (1.0.1)
      google-cloud-core (~> 1.0)
      googleauth (~> 0.5.1)
    google-cloud-video_intelligence (0.21.0)
      google-gax (~> 0.8.0)
    google-cloud-vision (0.25.0)
      google-cloud-core (~> 1.0)
      google-gax (~> 0.8.0)
    google-gax (0.8.5)
      google-protobuf (~> 3.2)
      googleapis-common-protos (~> 1.3.5)
      googleauth (~> 0.5.1)
      grpc (~> 1.0)
      rly (~> 0.2.3)
    google-protobuf (3.2.0.2)
    googleapis-common-protos (1.3.5)
      google-protobuf (~> 3.2)
      grpc (~> 1.0)
    googleauth (0.5.3)
      faraday (~> 0.12)
      jwt (~> 1.4)
      logging (~> 2.0)
      memoist (~> 0.12)
      multi_json (~> 1.11)
      os (~> 0.9)
      signet (~> 0.7)
    grpc (1.4.1)
      google-protobuf (~> 3.1)
      googleauth (~> 0.5.1)
    grpc-google-iam-v1 (0.6.8)
      googleapis-common-protos (~> 1.3.1)
      googleauth (~> 0.5.1)
      grpc (~> 1.0)
    httpclient (2.8.3)
    i18n (0.8.6)
    jbuilder (2.7.0)
      activesupport (>= 4.2.0)
      multi_json (>= 1.2)
    jekyll (3.5.1)
      addressable (~> 2.4)
      colorator (~> 1.0)
      jekyll-sass-converter (~> 1.0)
      jekyll-watch (~> 1.1)
      kramdown (~> 1.3)
      liquid (~> 4.0)
      mercenary (~> 0.3.3)
      pathutil (~> 0.9)
      rouge (~> 1.7)
      safe_yaml (~> 1.0)
    jekyll-sass-converter (1.5.0)
      sass (~> 3.4)
    jekyll-watch (1.5.0)
      listen (~> 3.0, < 3.1)
    jquery-rails (4.3.1)
      rails-dom-testing (>= 1, < 3)
      railties (>= 4.2.0)
      thor (>= 0.14, < 2.0)
    jwt (1.5.6)
    kramdown (1.14.0)
    launchy (2.4.3)
      addressable (~> 2.3)
    liquid (4.0.0)
    listen (3.0.8)
      rb-fsevent (~> 0.9, >= 0.9.4)
      rb-inotify (~> 0.9, >= 0.9.7)
    little-plugger (1.1.4)
    logging (2.2.2)
      little-plugger (~> 1.1)
      multi_json (~> 1.10)
    loofah (2.0.3)
      nokogiri (>= 1.5.9)
    mail (2.6.6)
      mime-types (>= 1.16, < 4)
    memoist (0.16.0)
    mercenary (0.3.6)
    method_source (0.8.2)
    mime-types (3.1)
      mime-types-data (~> 3.2015)
    mime-types-data (3.2016.0521)
    mini_portile2 (2.2.0)
    minima (2.1.1)
      jekyll (~> 3.3)
    minitest (5.10.3)
    multi_json (1.12.1)
    multipart-post (2.0.0)
    nio4r (2.1.0)
    nokogiri (1.8.0)
      mini_portile2 (~> 2.2.0)
    os (0.9.6)
    pathutil (0.14.0)
      forwardable-extended (~> 2.6)
    pg (0.21.0)
    pry (0.10.4)
      coderay (~> 1.1.0)
      method_source (~> 0.8.1)
      slop (~> 3.4)
    pry-rails (0.3.6)
      pry (>= 0.10.4)
    public_suffix (2.0.5)
    puma (3.9.1)
    rack (2.0.3)
    rack-test (0.6.3)
      rack (>= 1.0)
    rails (5.0.5)
      actioncable (= 5.0.5)
      actionmailer (= 5.0.5)
      actionpack (= 5.0.5)
      actionview (= 5.0.5)
      activejob (= 5.0.5)
      activemodel (= 5.0.5)
      activerecord (= 5.0.5)
      activesupport (= 5.0.5)
      bundler (>= 1.3.0)
      railties (= 5.0.5)
      sprockets-rails (>= 2.0.0)
    rails-dom-testing (2.0.3)
      activesupport (>= 4.2.0)
      nokogiri (>= 1.6)
    rails-html-sanitizer (1.0.3)
      loofah (~> 2.0)
    rails_12factor (0.0.3)
      rails_serve_static_assets
      rails_stdout_logging
    rails_serve_static_assets (0.0.5)
    rails_stdout_logging (0.0.5)
    railties (5.0.5)
      actionpack (= 5.0.5)
      activesupport (= 5.0.5)
      method_source
      rake (>= 0.8.7)
      thor (>= 0.18.1, < 2.0)
    rake (12.0.0)
    rb-fsevent (0.10.2)
    rb-inotify (0.9.10)
      ffi (>= 0.5.0, < 2)
    representable (3.0.4)
      declarative (< 0.1.0)
      declarative-option (< 0.2.0)
      uber (< 0.2.0)
    retriable (3.1.1)
    rly (0.2.3)
    rouge (1.11.1)
    safe_yaml (1.0.4)
    sass (3.5.1)
      sass-listen (~> 4.0.0)
    sass-listen (4.0.0)
      rb-fsevent (~> 0.9, >= 0.9.4)
      rb-inotify (~> 0.9, >= 0.9.7)
    sass-rails (5.0.6)
      railties (>= 4.0.0, < 6)
      sass (~> 3.1)
      sprockets (>= 2.8, < 4.0)
      sprockets-rails (>= 2.0, < 4.0)
      tilt (>= 1.1, < 3)
    shoulda-matchers (3.1.2)
      activesupport (>= 4.0.0)
    signet (0.7.3)
      addressable (~> 2.3)
      faraday (~> 0.9)
      jwt (~> 1.5)
      multi_json (~> 1.10)
    slop (3.6.0)
    spring (2.0.2)
      activesupport (>= 4.2)
    spring-watcher-listen (2.0.1)
      listen (>= 2.7, < 4.0)
      spring (>= 1.2, < 3.0)
    sprockets (3.7.1)
      concurrent-ruby (~> 1.0)
      rack (> 1, < 3)
    sprockets-rails (3.2.0)
      actionpack (>= 4.0)
      activesupport (>= 4.0)
      sprockets (>= 3.0.0)
    stackdriver-core (1.2.0)
    thor (0.19.4)
    thread_safe (0.3.6)
    tilt (2.0.8)
    tinify (1.5.0)
      httpclient (~> 2.6)
    tzinfo (1.2.3)
      thread_safe (~> 0.1)
    uber (0.1.0)
    uglifier (3.2.0)
      execjs (>= 0.3.0, < 3)
    web-console (3.5.1)
      actionview (>= 5.0)
      activemodel (>= 5.0)
      bindex (>= 0.4.0)
      railties (>= 5.0)
    websocket-driver (0.6.5)
      websocket-extensions (>= 0.1.0)
    websocket-extensions (0.1.2)
    xpath (2.1.0)
      nokogiri (~> 1.3)
    zonefile (1.06)

PLATFORMS
  ruby

DEPENDENCIES
  annotate
  better_errors
  binding_of_caller
  byebug
  capybara
  coffee-rails (~> 4.2)
  gcloud
  google-cloud-vision
  googleauth
  jbuilder (~> 2.5)
  jquery-rails
  launchy
  listen (~> 3.0.5)
  minima
  nokogiri (~> 1.7)
  pg
  pry-rails
  puma (~> 3.0)
  rails (~> 5.0.2)
  rails_12factor
  sass-rails (~> 5.0)
  shoulda-matchers
  spring
  spring-watcher-listen (~> 2.0.0)
  tinify
  tzinfo-data
  uglifier (>= 1.3.0)
  web-console (>= 3.3.0)

BUNDLED WITH
   1.14.3
